PATH
  remote: .
  specs:
    certmeister-pg (0.0.1)
      certmeister (~> 0.4)
      sequel_pg (~> 1.6)

GEM
  remote: http://rubygems.org/
  specs:
    certmeister (0.4.1)
    diff-lcs (1.2.5)
    pg (0.18.1)
    rake (0.9.6)
    rspec (2.99.0)
      rspec-core (~> 2.99.0)
      rspec-expectations (~> 2.99.0)
      rspec-mocks (~> 2.99.0)
    rspec-core (2.99.2)
    rspec-expectations (2.99.2)
      diff-lcs (>= 1.1.3, < 2.0)
    rspec-mocks (2.99.3)
    sequel (4.18.0)
    sequel_pg (1.6.11)
      pg (>= 0.8.0)
      sequel (>= 3.39.0)

PLATFORMS
  ruby

DEPENDENCIES
  bundler (~> 1.5)
  certmeister-pg!
  rake (~> 0)
  rspec (~> 2.14)
