PATH
  remote: .
  specs:
    certmeister-pg (0.0.2)
      certmeister (~> 2.0)
      sequel_pg (~> 1.6)

GEM
  remote: http://rubygems.org/
  specs:
    certmeister (2.0.0)
    diff-lcs (1.2.5)
    pg (0.18.1)
    rake (0.9.6)
    rspec (3.1.0)
      rspec-core (~> 3.1.0)
      rspec-expectations (~> 3.1.0)
      rspec-mocks (~> 3.1.0)
    rspec-core (3.1.7)
      rspec-support (~> 3.1.0)
    rspec-expectations (3.1.2)
      diff-lcs (>= 1.2.0, < 2.0)
      rspec-support (~> 3.1.0)
    rspec-mocks (3.1.3)
      rspec-support (~> 3.1.0)
    rspec-support (3.1.2)
    sequel (4.19.0)
    sequel_pg (1.6.11)
      pg (>= 0.8.0)
      sequel (>= 3.39.0)

PLATFORMS
  ruby

DEPENDENCIES
  bundler (~> 1.5)
  certmeister-pg!
  rake (~> 0)
  rspec (~> 3.1)
